GEM
  remote: https://rubygems.org/
  specs:
    docile (1.1.5)
    json (2.6.3)
    simplecov (0.12.0)
      docile (~> 1.1.0)
      json (>= 1.8, < 3)
      simplecov-html (~> 0.10.0)
    simplecov-html (0.10.2)

PLATFORMS
  arm64-darwin-21

DEPENDENCIES
  simplecov (~> 0.12.0)

BUNDLED WITH
   2.4.5
